GEM
  remote: https://rubygems.org/
  specs:
    xml-simple (1.1.2)

PLATFORMS
  ruby

DEPENDENCIES
  xml-simple
