GEM
  remote: https://rubygems.org/
  specs:
    addressable (2.3.5)
    chronic_duration (0.10.2)
      numerizer (~> 0.1.1)
    crack (0.4.0)
      safe_yaml (~> 0.9.0)
    diff-lcs (1.2.4)
    numerizer (0.1.1)
    rspec (2.14.0)
      rspec-core (~> 2.14.0)
      rspec-expectations (~> 2.14.0)
      rspec-mocks (~> 2.14.0)
    rspec-core (2.14.0)
    rspec-expectations (2.14.0)
      diff-lcs (>= 1.1.3, < 2.0)
    rspec-mocks (2.14.1)
    safe_yaml (0.9.3)
    vcr (2.5.0)
    webmock (1.13.0)
      addressable (>= 2.2.7)
      crack (>= 0.3.2)
    xml-simple (1.1.2)

PLATFORMS
  ruby

DEPENDENCIES
  chronic_duration
  rspec
  vcr
  webmock
  xml-simple
